GEM
  remote: http://rubygems.org/
  specs:
    ast (2.4.0)
    backports (2.8.2)
    diff-lcs (1.3)
    docile (1.3.1)
    faraday (0.15.3)
      multipart-post (>= 1.2, < 3)
    ffi (1.9.23)
    govuk-lint (3.8.0)
      rubocop (~> 0.52.0)
      rubocop-rspec (~> 1.19.0)
      scss_lint
    json (2.1.0)
    multi_json (1.13.1)
    multipart-post (2.0.0)
    mustermann (1.0.2)
    mysql2 (0.5.1)
    parallel (1.12.1)
    parser (2.5.1.0)
      ast (~> 2.4.0)
    powerpack (0.1.1)
    puma (3.11.4)
    rack (2.0.6)
    rack-protection (2.0.2)
      rack
    rack-test (1.1.0)
      rack (>= 1.0, < 3)
    rainbow (3.0.0)
    rake (12.3.1)
    rb-fsevent (0.10.3)
    rb-inotify (0.9.10)
      ffi (>= 0.5.0, < 2)
    rspec (3.8.0)
      rspec-core (~> 3.8.0)
      rspec-expectations (~> 3.8.0)
      rspec-mocks (~> 3.8.0)
    rspec-core (3.8.0)
      rspec-support (~> 3.8.0)
    rspec-expectations (3.8.2)
      diff-lcs (>= 1.2.0, < 2.0)
      rspec-support (~> 3.8.0)
    rspec-mocks (3.8.0)
      diff-lcs (>= 1.2.0, < 2.0)
      rspec-support (~> 3.8.0)
    rspec-support (3.8.0)
    rubocop (0.52.1)
      parallel (~> 1.10)
      parser (>= 2.4.0.2, < 3.0)
      powerpack (~> 0.1)
      rainbow (>= 2.2.2, < 4.0)
      ruby-progressbar (~> 1.7)
      unicode-display_width (~> 1.0, >= 1.0.1)
    rubocop-rspec (1.19.0)
      rubocop (>= 0.51.0)
    ruby-progressbar (1.9.0)
    sass (3.5.6)
      sass-listen (~> 4.0.0)
    sass-listen (4.0.0)
      rb-fsevent (~> 0.9, >= 0.9.4)
      rb-inotify (~> 0.9, >= 0.9.7)
    scss_lint (0.57.0)
      rake (>= 0.9, < 13)
      sass (~> 3.5.5)
    sentry-raven (2.7.4)
      faraday (>= 0.7.6, < 1.0)
    sequel (5.14.0)
    simplecov (0.16.1)
      docile (~> 1.1)
      json (>= 1.8, < 3)
      simplecov-html (~> 0.10.0)
    simplecov-html (0.10.2)
    sinatra (2.0.2)
      mustermann (~> 1.0)
      rack (~> 2.0)
      rack-protection (= 2.0.2)
      tilt (~> 2.0)
    sinatra-contrib (2.0.2)
      backports (~> 2.8.2)
      multi_json
      mustermann (~> 1.0)
      rack-protection (= 2.0.2)
      sinatra (= 2.0.2)
      tilt (>= 1.3, < 3)
    tilt (2.0.8)
    unicode-display_width (1.3.2)

PLATFORMS
  ruby

DEPENDENCIES
  govuk-lint
  mysql2
  puma
  rack-test
  rspec
  sentry-raven
  sequel (~> 5.14)
  simplecov
  sinatra
  sinatra-contrib

RUBY VERSION
   ruby 2.5.3p105

BUNDLED WITH
   1.17.0
